GEM
  remote: https://rubygems.org/
  specs:
    debug (1.6.3)
      irb (>= 1.3.6)
      reline (>= 0.3.1)
    io-console (0.5.7)
    irb (1.5.1)
      reline (>= 0.3.0)
    minitest (5.16.3)
    reline (0.3.1)
      io-console (~> 0.5)

PLATFORMS
  x86_64-linux

DEPENDENCIES
  debug (>= 1.0.0)
  minitest

BUNDLED WITH
   2.3.25
